GEM
  remote: https://rubygems.org/
  specs:
    shoes (3.0.1)

PLATFORMS
  x64-mingw-ucrt

DEPENDENCIES
  shoes (~> 3.0)

BUNDLED WITH
   2.3.26
